GIT
  remote: git://github.com/chitsaou/cheatset.git
  revision: d43ec2fc8b1fd9ce7d9498056e957e2870df6b83
  branch: html-class
  specs:
    cheatset (1.2.9)
      haml
      plist
      redcarpet
      rouge
      sanitize
      sqlite3
      thor
      unindent

GEM
  remote: https://rubygems.org/
  specs:
    haml (4.0.5)
      tilt
    mini_portile (0.5.3)
    nokogiri (1.6.1)
      mini_portile (~> 0.5.0)
    plist (3.1.0)
    rake (10.1.1)
    redcarpet (3.1.1)
    rouge (1.3.3)
    sanitize (2.1.0)
      nokogiri (>= 1.4.4)
    sqlite3 (1.3.9)
    thor (0.19.1)
    tilt (2.0.1)
    unindent (1.0)

PLATFORMS
  ruby

DEPENDENCIES
  cheatset!
  rake
